GIT
  remote: git://github.com/3kwa/barby.git
  revision: 26281efe33f00f51ab7c97b9f85eb5dc76ac826d
  specs:
    barby (0.5.1)

GEM
  remote: http://rubygems.org/
  specs:
    chunky_png (1.2.5)
    daemons (1.1.8)
    eventmachine (0.12.10)
    rack (1.4.1)
    rack-protection (1.2.0)
      rack
    rqrcode (0.4.2)
    sinatra (1.3.2)
      rack (~> 1.3, >= 1.3.6)
      rack-protection (~> 1.2)
      tilt (~> 1.3, >= 1.3.3)
    thin (1.3.1)
      daemons (>= 1.0.9)
      eventmachine (>= 0.12.6)
      rack (>= 1.0.0)
    tilt (1.3.3)

PLATFORMS
  ruby

DEPENDENCIES
  barby!
  chunky_png (= 1.2.5)
  rqrcode (= 0.4.2)
  sinatra (= 1.3.2)
  thin (= 1.3.1)
